PATH
  remote: .
  specs:
    facturas_xml (0.1.3)
      nokogiri (~> 1.14)

GEM
  remote: https://rubygems.org/
  specs:
    codecov (0.6.0)
      simplecov (>= 0.15, < 0.22)
    diff-lcs (1.5.0)
    docile (1.4.0)
    dotenv (2.8.1)
    nokogiri (1.14.0-x86_64-darwin)
      racc (~> 1.4)
    racc (1.6.2)
    rake (13.0.6)
    rspec (3.12.0)
      rspec-core (~> 3.12.0)
      rspec-expectations (~> 3.12.0)
      rspec-mocks (~> 3.12.0)
    rspec-core (3.12.0)
      rspec-support (~> 3.12.0)
    rspec-expectations (3.12.2)
      diff-lcs (>= 1.2.0, < 2.0)
      rspec-support (~> 3.12.0)
    rspec-mocks (3.12.2)
      diff-lcs (>= 1.2.0, < 2.0)
      rspec-support (~> 3.12.0)
    rspec-support (3.12.0)
    simplecov (0.21.2)
      docile (~> 1.1)
      simplecov-html (~> 0.11)
      simplecov_json_formatter (~> 0.1)
    simplecov-html (0.12.3)
    simplecov_json_formatter (0.1.4)
    vcr (6.1.0)

PLATFORMS
  x86_64-darwin-18

DEPENDENCIES
  codecov (~> 0.1)
  dotenv (~> 2.5)
  facturas_xml!
  rake (~> 13.0)
  rspec (~> 3.6)
  simplecov (~> 0.16)
  vcr (~> 6.0)

BUNDLED WITH
   2.3.20
